GEM
  remote: http://rubygems.org/
  specs:
    coderay (1.0.6)
    haml (3.1.4)
    haml-coderay (0.1.2)
      coderay
      haml
    nokogiri (1.5.0)
    rack (1.4.1)
    rack-codehighlighter (0.5.0)
      nokogiri (>= 1.4.1)
      rack (>= 1.0.0)
    rack-protection (1.2.0)
      rack
    redcarpet (2.1.1)
    sinatra (1.3.2)
      rack (~> 1.3, >= 1.3.6)
      rack-protection (~> 1.2)
      tilt (~> 1.3, >= 1.3.3)
    tilt (1.3.3)

PLATFORMS
  ruby

DEPENDENCIES
  coderay
  haml
  haml-coderay
  rack-codehighlighter
  redcarpet
  sinatra
